PATH
  remote: .
  specs:
    rails_contributor_genders (0.1.0)
      gender_detector
      nokogiri

GEM
  remote: https://rubygems.org/
  specs:
    gender_detector (2.0.0)
    mini_portile2 (2.3.0)
    nokogiri (1.8.1)
      mini_portile2 (~> 2.3.0)
    rake (10.5.0)

PLATFORMS
  ruby

DEPENDENCIES
  bundler (~> 1.16)
  rails_contributor_genders!
  rake (~> 10.0)

BUNDLED WITH
   1.16.0
